PATH
  remote: .
  specs:
    async-aws (1.0.0)
      async-http (~> 0.51)

GEM
  remote: https://rubygems.org/
  specs:
    async (1.24.2)
      console (~> 1.0)
      nio4r (~> 2.3)
      timers (~> 4.1)
    async-http (0.51.2)
      async (~> 1.23)
      async-io (~> 1.28)
      async-pool (~> 0.2)
      protocol-http (~> 0.18.0)
      protocol-http1 (~> 0.12.0)
      protocol-http2 (~> 0.13.0)
    async-io (1.28.0)
      async (~> 1.14)
    async-pool (0.2.0)
      async (~> 1.8)
    aws-eventstream (1.1.0)
    aws-partitions (1.296.0)
    aws-sdk-core (3.94.0)
      aws-eventstream (~> 1, >= 1.0.2)
      aws-partitions (~> 1, >= 1.239.0)
      aws-sigv4 (~> 1.1)
      jmespath (~> 1.0)
    aws-sdk-dynamodb (1.45.0)
      aws-sdk-core (~> 3, >= 3.71.0)
      aws-sigv4 (~> 1.1)
    aws-sdk-kms (1.30.0)
      aws-sdk-core (~> 3, >= 3.71.0)
      aws-sigv4 (~> 1.1)
    aws-sdk-s3 (1.61.2)
      aws-sdk-core (~> 3, >= 3.83.0)
      aws-sdk-kms (~> 1)
      aws-sigv4 (~> 1.1)
    aws-sigv4 (1.1.1)
      aws-eventstream (~> 1.0, >= 1.0.2)
    console (1.8.2)
    diff-lcs (1.3)
    jmespath (1.4.0)
    nio4r (2.5.2)
    protocol-hpack (1.4.2)
    protocol-http (0.18.0)
    protocol-http1 (0.12.0)
      protocol-http (~> 0.18)
    protocol-http2 (0.13.3)
      protocol-hpack (~> 1.4)
      protocol-http (~> 0.18)
    rake (13.0.1)
    rspec (3.9.0)
      rspec-core (~> 3.9.0)
      rspec-expectations (~> 3.9.0)
      rspec-mocks (~> 3.9.0)
    rspec-core (3.9.1)
      rspec-support (~> 3.9.1)
    rspec-expectations (3.9.1)
      diff-lcs (>= 1.2.0, < 2.0)
      rspec-support (~> 3.9.0)
    rspec-mocks (3.9.1)
      diff-lcs (>= 1.2.0, < 2.0)
      rspec-support (~> 3.9.0)
    rspec-support (3.9.2)
    timers (4.3.0)

PLATFORMS
  ruby

DEPENDENCIES
  async
  async-aws!
  aws-sdk-dynamodb
  aws-sdk-s3
  bundler (~> 2.0)
  rake (~> 13.0)
  rspec (~> 3.0)

BUNDLED WITH
   2.1.2
